GEM
  remote: https://rubygems.org/
  specs:
    ansi (1.4.3)
    builder (3.2.0)
    execjs (1.4.0)
      multi_json (~> 1.0)
    hashie (2.0.2)
    minitest (3.0.1)
    minitest-reporters (0.14.7)
      ansi
      builder
      minitest (>= 2.12, < 5.0)
      powerbar
    minitest-rg (1.1.0)
    multi_json (1.3.6)
    powerbar (1.0.11)
      ansi (~> 1.4.0)
      hashie (>= 1.1.0)
    rake (0.9.2.2)

PLATFORMS
  ruby

DEPENDENCIES
  execjs
  minitest
  minitest-reporters
  minitest-rg
  rake
